GEM
  remote: http://rubygems.org/
  specs:
    ZenTest (4.4.2)
    activesupport (3.0.6)
    columnize (0.3.6)
    diff-lcs (1.1.3)
    i18n (0.5.0)
    linecache (0.46)
      rbx-require-relative (> 0.0.4)
    mime-types (1.16)
    polyglot (0.3.3)
    rake (0.8.7)
    rbx-require-relative (0.0.5)
    rspec (1.3.2)
    rspec-core (2.4.0)
    rspec-expectations (2.4.0)
      diff-lcs (~> 1.1.2)
    rspec-mocks (2.4.0)
    ruby-debug (0.10.4)
      columnize (>= 0.1)
      ruby-debug-base (~> 0.10.4.0)
    ruby-debug-base (0.10.4)
      linecache (>= 0.3)
    ruby-debug-base (0.10.4-java)
    treetop (1.4.10)
      polyglot
      polyglot (>= 0.3.1)

PLATFORMS
  java
  ruby

DEPENDENCIES
  ZenTest (~> 4.4.0)
  activesupport (>= 2.3.6)
  bundler
  diff-lcs
  i18n (>= 0.4.0)
  mime-types (~> 1.16)
  rake (~> 0.8.7)
  rspec (~> 1.3.0)
  rspec-core (~> 2.4.0)
  rspec-expectations (~> 2.4.0)
  rspec-mocks (~> 2.4.0)
  ruby-debug
  treetop (~> 1.4.8)
